GIT
  remote: git://github.com/plataformatec/simple_form.git
  revision: 6943b37d64895c8433941986837e1d4a719415ba
  specs:
    simple_form (2.0.0.dev)
      actionpack (~> 3.0)
      activemodel (~> 3.0)

GIT
  remote: git://github.com/tanoku/redcarpet.git
  revision: a1fac28ecb39aaa4875f4144cd315ad2a9676119
  specs:
    redcarpet (2.0.1)

GIT
  remote: git@github.com:shinzui/less-rails-bootstrap.git
  revision: 927856f077304518a1f2725a38982ead1c6d13b4
  specs:
    less-rails-bootstrap (1.4.1)
      less-rails (~> 2.1.0)

GIT
  remote: git@github.com:shinzui/mongoid-slug.git
  revision: ec19c2e76a00ddddb28a11d07c09ebfa5792d8fc
  specs:
    mongoid_slug (0.8.3)
      mongoid (~> 2.0)
      stringex (~> 1.3)

GIT
  remote: git@github.com:shinzui/mongoid_taggable_with_context.git
  revision: 15465b64ecca96bb88746130a3e48600833a5653
  specs:
    mongoid_taggable_with_context (0.8.0)
      mongoid (>= 2.0.0)

GEM
  remote: http://rubygems.org/
  specs:
    actionmailer (3.1.3)
      actionpack (= 3.1.3)
      mail (~> 2.3.0)
    actionpack (3.1.3)
      activemodel (= 3.1.3)
      activesupport (= 3.1.3)
      builder (~> 3.0.0)
      erubis (~> 2.7.0)
      i18n (~> 0.6)
      rack (~> 1.3.5)
      rack-cache (~> 1.1)
      rack-mount (~> 0.8.2)
      rack-test (~> 0.6.1)
      sprockets (~> 2.0.3)
    activemodel (3.1.3)
      activesupport (= 3.1.3)
      builder (~> 3.0.0)
      i18n (~> 0.6)
    activerecord (3.1.3)
      activemodel (= 3.1.3)
      activesupport (= 3.1.3)
      arel (~> 2.2.1)
      tzinfo (~> 0.3.29)
    activeresource (3.1.3)
      activemodel (= 3.1.3)
      activesupport (= 3.1.3)
    activesupport (3.1.3)
      multi_json (~> 1.0)
    addressable (2.2.6)
    ajax-chosen-rails (0.1.1)
      chosen-rails
      railties (~> 3.0)
      thor (~> 0.14)
    archive-tar-minitar (0.5.2)
    arel (2.2.1)
    awesome_print (1.0.1)
    bson (1.4.0)
    bson_ext (1.4.0)
    builder (3.0.0)
    capybara (1.1.2)
      mime-types (>= 1.16)
      nokogiri (>= 1.3.3)
      rack (>= 1.0.0)
      rack-test (>= 0.5.4)
      selenium-webdriver (~> 2.0)
      xpath (~> 0.1.4)
    capybara-webkit (0.7.2)
      capybara (>= 1.0.0, < 1.2)
    childprocess (0.2.3)
      ffi (~> 1.0.6)
    chosen-rails (0.9.5.1)
      railties (~> 3.0)
      thor (~> 0.14)
    coffee-rails (3.1.1)
      coffee-script (>= 2.2.0)
      railties (~> 3.1.0)
    coffee-script (2.2.0)
      coffee-script-source
      execjs
    coffee-script-source (1.1.3)
    columnize (0.3.5)
    commonjs (0.2.0)
      therubyracer (~> 0.9.9)
    creole (0.4.2)
    crummy (1.3.6)
    cucumber (1.1.4)
      builder (>= 2.1.2)
      diff-lcs (>= 1.1.2)
      gherkin (~> 2.7.1)
      json (>= 1.4.6)
      term-ansicolor (>= 1.0.6)
    cucumber-rails (1.2.1)
      capybara (>= 1.1.2)
      cucumber (>= 1.1.3)
      nokogiri (>= 1.5.0)
    database_cleaner (0.7.0)
    diff-lcs (1.1.3)
    erubis (2.7.0)
    execjs (1.2.12)
      multi_json (~> 1.0)
    fabrication (1.2.0)
    ffi (1.0.11)
    gherkin (2.7.6)
      json (>= 1.4.6)
    growl (1.0.3)
    guard (1.0.0)
      ffi (>= 0.5.0)
      thor (~> 0.14.6)
    guard-bundler (0.1.3)
      bundler (>= 1.0.0)
      guard (>= 0.2.2)
    guard-cucumber (0.7.5)
      cucumber (>= 0.10)
      guard (>= 0.8.3)
    guard-rspec (0.6.0)
      guard (>= 0.10.0)
    guard-shell (0.2.0)
      guard (>= 0.2.0)
    hike (1.2.1)
    i18n (0.6.0)
    jquery-rails (1.0.19)
      railties (~> 3.0)
      thor (~> 0.14)
    json (1.6.5)
    kgio (2.6.0)
    launchy (2.0.5)
      addressable (~> 2.2.6)
    less (2.0.9)
      commonjs (~> 0.2.0)
      therubyracer (~> 0.9.9)
    less-rails (2.1.3)
      actionpack (>= 3.1)
      less (~> 2.0.7)
    libv8 (3.3.10.4)
    linecache19 (0.5.13)
      ruby_core_source (>= 0.1.4)
    loofah (1.2.0)
      nokogiri (>= 1.4.4)
    mail (2.3.0)
      i18n (>= 0.4.0)
      mime-types (~> 1.16)
      treetop (~> 1.4.8)
    mime-types (1.17.2)
    mongo (1.4.0)
      bson (= 1.4.0)
    mongoid (2.3.4)
      activemodel (~> 3.1)
      mongo (~> 1.3)
      tzinfo (~> 0.3.22)
    mongoid-rspec (1.4.4)
      mongoid (~> 2.0)
      rspec (~> 2)
    multi_json (1.0.4)
    nokogiri (1.5.0)
    polyglot (0.3.3)
    rack (1.3.6)
    rack-cache (1.1)
      rack (>= 0.4)
    rack-mount (0.8.3)
      rack (>= 1.0.0)
    rack-ssl (1.3.2)
      rack
    rack-test (0.6.1)
      rack (>= 1.0)
    rails (3.1.3)
      actionmailer (= 3.1.3)
      actionpack (= 3.1.3)
      activerecord (= 3.1.3)
      activeresource (= 3.1.3)
      activesupport (= 3.1.3)
      bundler (~> 1.0)
      railties (= 3.1.3)
    railties (3.1.3)
      actionpack (= 3.1.3)
      activesupport (= 3.1.3)
      rack-ssl (~> 1.3.2)
      rake (>= 0.8.7)
      rdoc (~> 3.4)
      thor (~> 0.14.6)
    raindrops (0.8.0)
    rake (0.9.2.2)
    rb-fsevent (0.4.3.1)
    rdoc (3.12)
      json (~> 1.4)
    rest-client (1.6.7)
      mime-types (>= 1.16)
    rspec (2.8.0)
      rspec-core (~> 2.8.0)
      rspec-expectations (~> 2.8.0)
      rspec-mocks (~> 2.8.0)
    rspec-core (2.8.0)
    rspec-expectations (2.8.0)
      diff-lcs (~> 1.1.2)
    rspec-mocks (2.8.0)
    rspec-rails (2.8.1)
      actionpack (>= 3.0)
      activesupport (>= 3.0)
      railties (>= 3.0)
      rspec (~> 2.8.0)
    ruby-debug-base19 (0.11.26)
      columnize (>= 0.3.1)
      linecache19 (>= 0.5.11)
      ruby_core_source (>= 0.1.4)
    ruby-debug19 (0.11.6)
      columnize (>= 0.3.1)
      linecache19 (>= 0.5.11)
      ruby-debug-base19 (>= 0.11.19)
    ruby_core_source (0.1.5)
      archive-tar-minitar (>= 0.5.2)
    rubyzip (0.9.5)
    sass (3.1.12)
    sass-rails (3.1.5)
      actionpack (~> 3.1.0)
      railties (~> 3.1.0)
      sass (~> 3.1.10)
      tilt (~> 1.3.2)
    selenium-webdriver (2.15.0)
      childprocess (>= 0.2.1)
      ffi (~> 1.0.9)
      multi_json (~> 1.0.4)
      rubyzip
    sprockets (2.0.3)
      hike (~> 1.2)
      rack (~> 1.0)
      tilt (~> 1.1, != 1.3.0)
    stringex (1.3.0)
    term-ansicolor (1.0.7)
    therubyracer (0.9.9)
      libv8 (~> 3.3.10)
    thor (0.14.6)
    tilt (1.3.3)
    tire (0.3.12)
      activemodel (~> 3.0)
      multi_json (~> 1.0)
      rake
      rest-client (~> 1.6.0)
    tire-contrib (0.0.3.5)
      bundler (~> 1.0)
      tire
    treetop (1.4.10)
      polyglot
      polyglot (>= 0.3.1)
    tzinfo (0.3.31)
    uglifier (1.2.0)
      execjs (>= 0.3.0)
      multi_json (>= 1.0.2)
    unicorn (4.1.1)
      kgio (~> 2.4)
      rack
      raindrops (~> 0.6)
    xpath (0.1.4)
      nokogiri (~> 1.3)
    yajl-ruby (1.1.0)
    yard (0.7.4)

PLATFORMS
  ruby

DEPENDENCIES
  ajax-chosen-rails
  awesome_print
  bson_ext
  capybara-webkit
  chosen-rails
  coffee-rails (~> 3.1.1)
  creole
  crummy
  cucumber-rails
  database_cleaner
  fabrication
  growl
  guard
  guard-bundler
  guard-cucumber
  guard-rspec
  guard-shell
  jquery-rails
  launchy
  less-rails-bootstrap!
  loofah
  mongoid
  mongoid-rspec
  mongoid_slug!
  mongoid_taggable_with_context!
  nokogiri
  rails (= 3.1.3)
  rb-fsevent
  redcarpet!
  rspec-rails
  ruby-debug19
  sass-rails (~> 3.1.5)
  simple_form!
  tire
  tire-contrib
  uglifier (>= 1.0.3)
  unicorn
  yajl-ruby
  yard
