GIT
  remote: git://github.com/davydotcom/twitter-bootstrap-rails.git
  revision: 1466042e198c8a6810102cbf6f094b24b68be1c4
  specs:
    twitter-bootstrap-turbo (2.1.3)
      actionpack (>= 3.1)
      less-rails (~> 2.2.3)
      railties (>= 3.1)
      therubyracer (>= 0.10.2)

GIT
  remote: git://github.com/ko1/debugger2.git
  revision: 868f94f8b67e13f3cd3921be15168dcebf2e7019
  specs:
    debugger2 (1.0.0.beta2)
      columnize (>= 0.3.1)
      debugger-linecache (~> 1.2.0)

GIT
  remote: git://github.com/rails-api/active_model_serializers.git
  revision: ab5d40f38b2b7c8c9155292938f21f3af0fa8027
  specs:
    active_model_serializers (0.7.0)
      activemodel (>= 3.0)

GIT
  remote: git://github.com/shinzui/kaminari-bootstrap.git
  revision: 5244eb2ef5ba89f87a9832a9dd64bc474a301956
  specs:
    kaminari-bootstrap (0.1.2)
      kaminari
      rails

GIT
  remote: git@github.com:shinzui/mongoid_taggable_with_context.git
  revision: 426cb29291074123edba1c980af5020b998886bc
  specs:
    mongoid_taggable_with_context (0.8.1.1)
      mongoid (>= 3.0.1)

GEM
  remote: http://rubygems.org/
  specs:
    actionmailer (3.2.12)
      actionpack (= 3.2.12)
      mail (~> 2.4.4)
    actionpack (3.2.12)
      activemodel (= 3.2.12)
      activesupport (= 3.2.12)
      builder (~> 3.0.0)
      erubis (~> 2.7.0)
      journey (~> 1.0.4)
      rack (~> 1.4.5)
      rack-cache (~> 1.2)
      rack-test (~> 0.6.1)
      sprockets (~> 2.2.1)
    activemodel (3.2.12)
      activesupport (= 3.2.12)
      builder (~> 3.0.0)
    activerecord (3.2.12)
      activemodel (= 3.2.12)
      activesupport (= 3.2.12)
      arel (~> 3.0.2)
      tzinfo (~> 0.3.29)
    activeresource (3.2.12)
      activemodel (= 3.2.12)
      activesupport (= 3.2.12)
    activesupport (3.2.12)
      i18n (~> 0.6)
      multi_json (~> 1.0)
    addressable (2.3.4)
    ansi (1.4.3)
    arel (3.0.2)
    authority (2.5.0)
      rails (>= 3.0.0)
    awesome_print (1.1.0)
    bcrypt-ruby (3.0.1)
    better_errors (0.8.0)
      coderay (>= 1.0.0)
      erubis (>= 2.6.6)
    binding_of_caller (0.7.1)
      debug_inspector (>= 0.0.1)
    builder (3.0.4)
    capybara (2.1.0)
      mime-types (>= 1.16)
      nokogiri (>= 1.3.3)
      rack (>= 1.0.0)
      rack-test (>= 0.5.4)
      xpath (~> 2.0)
    carrierwave (0.8.0)
      activemodel (>= 3.2.0)
      activesupport (>= 3.2.0)
    carrierwave-mongoid (0.5.0)
      carrierwave (~> 0.8.0)
      mongoid (~> 3.0)
      mongoid-grid_fs (~> 1.3)
    celluloid (0.13.0)
      timers (>= 1.0.0)
    childprocess (0.3.9)
      ffi (~> 1.0, >= 1.0.11)
    coderay (1.0.9)
    coffee-rails (3.2.2)
      coffee-script (>= 2.2.0)
      railties (~> 3.2.0)
    coffee-script (2.2.0)
      coffee-script-source
      execjs
    coffee-script-source (1.6.2)
    colorize (0.5.8)
    columnize (0.3.6)
    commonjs (0.2.6)
    configatron (2.10.0)
      yamler (>= 0.1.0)
    connection_pool (1.0.0)
    crack (0.3.2)
    creole (0.5.0)
    crummy (1.3.6)
    cucumber (1.3.1)
      builder (>= 2.1.2)
      diff-lcs (>= 1.1.3)
      gherkin (~> 2.12.0)
      multi_json (~> 1.3)
    cucumber-api-steps (0.10)
      cucumber (>= 0.8.3)
      jsonpath (>= 0.1.2)
    cucumber-rails (1.3.1)
      capybara (>= 1.1.2)
      cucumber (>= 1.2.0)
      nokogiri (>= 1.5.0)
      rails (~> 3.0)
    database_cleaner (0.9.1)
    debug_inspector (0.0.2)
    debugger-linecache (1.2.0)
    devise (2.2.3)
      bcrypt-ruby (~> 3.0)
      orm_adapter (~> 0.1)
      railties (~> 3.1)
      warden (~> 1.2.1)
    diff-lcs (1.2.4)
    eco (1.0.0)
      coffee-script
      eco-source
      execjs
    eco-source (1.1.0.rc.1)
    ejs (1.1.1)
    erubis (2.7.0)
    eventmachine (1.0.3)
    execjs (1.4.0)
      multi_json (~> 1.0)
    fabrication (2.6.5)
    faye-websocket (0.4.7)
      eventmachine (>= 0.12.0)
    ffi (1.7.0)
    formatador (0.2.4)
    gherkin (2.12.0)
      multi_json (~> 1.3)
    guard (1.8.0)
      formatador (>= 0.2.4)
      listen (>= 1.0.0)
      lumberjack (>= 1.0.2)
      pry (>= 0.9.10)
      thor (>= 0.14.6)
    guard-bundler (1.0.0)
      bundler (~> 1.0)
      guard (~> 1.1)
    guard-cucumber (1.4.0)
      cucumber (>= 1.2.0)
      guard (>= 1.1.0)
    guard-konacha (0.3.1)
      activesupport (>= 2.2)
      childprocess (>= 0.2.5)
      guard (~> 1.1)
      konacha (>= 2.3)
    guard-pow (1.0.0)
      guard (>= 1.1)
    guard-rspec (2.6.0)
      guard (>= 1.8)
      rspec (~> 2.13)
    guard-shell (0.5.1)
      guard (>= 1.1.0)
    hashr (0.0.22)
    hike (1.2.2)
    http_parser.rb (0.5.3)
    i18n (0.6.4)
    journey (1.0.4)
    jquery-rails (2.1.4)
      railties (>= 3.0, < 5.0)
      thor (>= 0.14, < 2.0)
    js-routes (0.9.0)
      rails (>= 3.2)
    json (1.7.7)
    jsonpath (0.5.2)
      multi_json
    kaminari (0.14.1)
      actionpack (>= 3.0.0)
      activesupport (>= 3.0.0)
    kgio (2.8.0)
    kiqstand (1.1.0)
      mongoid (~> 3.1)
      moped (~> 1.4)
    konacha (2.6.0)
      actionpack (>= 3.1, < 5)
      capybara
      colorize
      railties (>= 3.1, < 5)
      sprockets
    launchy (2.2.0)
      addressable (~> 2.3)
    less (2.2.2)
      commonjs (~> 0.2.6)
    less-rails (2.2.6)
      actionpack (>= 3.1)
      less (~> 2.2.0)
    libv8 (3.11.8.17)
    listen (1.0.3)
      rb-fsevent (>= 0.9.3)
      rb-inotify (>= 0.9)
      rb-kqueue (>= 0.2)
    loofah (1.2.1)
      nokogiri (>= 1.4.4)
    lumberjack (1.0.3)
    mail (2.4.4)
      i18n (>= 0.4.0)
      mime-types (~> 1.16)
      treetop (~> 1.4.8)
    method_source (0.8.1)
    mime-types (1.23)
    mini_magick (3.5.0)
      subexec (~> 0.2.1)
    mongoid (3.1.3)
      activemodel (~> 3.2)
      moped (~> 1.4.2)
      origin (~> 1.0)
      tzinfo (~> 0.3.22)
    mongoid-grid_fs (1.8.0)
      mime-types (~> 1.19)
      mongoid (~> 3.0)
    mongoid-rspec (1.8.0)
      mongoid (>= 3.0.1)
      rake
      rspec (>= 2.9)
    mongoid_rails_migrations (1.0.1)
      activesupport (>= 3.2.0)
      bundler (>= 1.0.0)
      rails (>= 3.2.0)
      railties (>= 3.2.0)
    mongoid_slug (3.1.1)
      mongoid (> 3.0)
      stringex (~> 1.4)
    moped (1.4.5)
    multi_json (1.7.2)
    mustache (0.99.4)
    nokogiri (1.5.9)
    origin (1.0.11)
    orm_adapter (0.4.0)
    poltergeist (1.2.0)
      capybara (~> 2.1.0)
      faye-websocket (~> 0.4, >= 0.4.4)
      http_parser.rb (~> 0.5.3)
    polyglot (0.3.3)
    postrank-uri (1.0.17)
      addressable (~> 2.3.0)
      nokogiri (~> 1.5.5)
      public_suffix (~> 1.1.3)
    pry (0.9.12.1)
      coderay (~> 1.0.5)
      method_source (~> 0.8)
      slop (~> 3.4)
    pry-doc (0.4.5)
      pry (>= 0.9)
      yard (>= 0.8)
    pry-rails (0.2.2)
      pry (>= 0.9.10)
    public_suffix (1.1.3)
    rack (1.4.5)
    rack-cache (1.2)
      rack (>= 0.4)
    rack-protection (1.5.0)
      rack
    rack-ssl (1.3.3)
      rack
    rack-test (0.6.2)
      rack (>= 1.0)
    rails (3.2.12)
      actionmailer (= 3.2.12)
      actionpack (= 3.2.12)
      activerecord (= 3.2.12)
      activeresource (= 3.2.12)
      activesupport (= 3.2.12)
      bundler (~> 1.0)
      railties (= 3.2.12)
    rails-backbone (0.9.10)
      coffee-script (~> 2.2.0)
      ejs (~> 1.1.1)
      jquery-rails (~> 2.1.3)
      railties (>= 3.1.0)
    railties (3.2.12)
      actionpack (= 3.2.12)
      activesupport (= 3.2.12)
      rack-ssl (~> 1.3.2)
      rake (>= 0.8.7)
      rdoc (~> 3.4)
      thor (>= 0.14.6, < 2.0)
    raindrops (0.10.0)
    rake (10.0.4)
    rb-fsevent (0.9.3)
    rb-inotify (0.9.0)
      ffi (>= 0.5.0)
    rb-kqueue (0.2.0)
      ffi (>= 0.5.0)
    rdoc (3.12.2)
      json (~> 1.4)
    redcarpet (2.2.2)
    redis (3.0.4)
    redis-namespace (1.3.0)
      redis (~> 3.0.0)
    ref (1.0.4)
    rest-client (1.6.7)
      mime-types (>= 1.16)
    rspec (2.13.0)
      rspec-core (~> 2.13.0)
      rspec-expectations (~> 2.13.0)
      rspec-mocks (~> 2.13.0)
    rspec-core (2.13.1)
    rspec-expectations (2.13.0)
      diff-lcs (>= 1.1.3, < 2.0)
    rspec-mocks (2.13.1)
    rspec-rails (2.13.1)
      actionpack (>= 3.0)
      activesupport (>= 3.0)
      railties (>= 3.0)
      rspec-core (~> 2.13.0)
      rspec-expectations (~> 2.13.0)
      rspec-mocks (~> 2.13.0)
    sass (3.2.8)
    sass-rails (3.2.6)
      railties (~> 3.2.0)
      sass (>= 3.1.10)
      tilt (~> 1.3)
    select2-rails (3.3.1)
      sass-rails (>= 3.2)
      thor (~> 0.14)
    sidekiq (2.11.2)
      celluloid (>= 0.13.0)
      connection_pool (>= 1.0.0)
      multi_json
      redis (>= 3.0)
      redis-namespace
    simple_form (2.1.0)
      actionpack (~> 3.0)
      activemodel (~> 3.0)
    sinatra (1.3.6)
      rack (~> 1.4)
      rack-protection (~> 1.3)
      tilt (~> 1.3, >= 1.3.3)
    slim (1.0.1)
      temple (~> 0.3.0)
      tilt (~> 1.2)
    slop (3.4.4)
    sprockets (2.2.2)
      hike (~> 1.2)
      multi_json (~> 1.0)
      rack (~> 1.0)
      tilt (~> 1.1, != 1.3.0)
    stringex (1.5.1)
    subexec (0.2.3)
    temple (0.3.5)
    terminal-notifier (1.4.2)
    therubyracer (0.11.4)
      libv8 (~> 3.11.8.12)
      ref
    thor (0.18.1)
    tilt (1.4.0)
    timers (1.1.0)
    tire (0.5.7)
      activemodel (>= 3.0)
      activesupport
      ansi
      hashr (~> 0.0.19)
      multi_json (~> 1.3)
      rake
      rest-client (~> 1.6)
    tire-contrib (0.1.1)
      tire
    treetop (1.4.12)
      polyglot
      polyglot (>= 0.3.1)
    turbolinks (1.1.1)
      coffee-rails
    tzinfo (0.3.37)
    uglifier (2.0.1)
      execjs (>= 0.3.0)
      multi_json (~> 1.0, >= 1.0.2)
    unicorn (4.6.2)
      kgio (~> 2.6)
      rack
      raindrops (~> 0.7)
    warden (1.2.1)
      rack (>= 1.0)
    webmock (1.11.0)
      addressable (>= 2.2.7)
      crack (>= 0.3.2)
    xpath (2.0.0)
      nokogiri (~> 1.3)
    yajl-ruby (1.1.0)
    yamler (0.1.0)
    yard (0.8.6)

PLATFORMS
  ruby

DEPENDENCIES
  active_model_serializers!
  authority
  awesome_print
  better_errors
  binding_of_caller
  carrierwave
  carrierwave-mongoid
  coffee-rails (~> 3.2.1)
  configatron
  creole
  crummy (~> 1.3.6)
  cucumber-api-steps
  cucumber-rails
  database_cleaner
  debugger2!
  devise
  eco
  ejs
  fabrication
  guard
  guard-bundler
  guard-cucumber
  guard-konacha
  guard-pow
  guard-rspec
  guard-shell
  jquery-rails
  js-routes
  kaminari
  kaminari-bootstrap!
  kiqstand
  konacha
  launchy
  loofah
  mini_magick
  mongoid (~> 3.1)
  mongoid-rspec
  mongoid_rails_migrations
  mongoid_slug
  mongoid_taggable_with_context!
  mustache
  nokogiri
  poltergeist
  postrank-uri
  pry-doc
  pry-rails
  rails (= 3.2.12)
  rails-backbone
  rb-fsevent
  redcarpet
  rspec-rails
  sass-rails (~> 3.2.3)
  select2-rails
  sidekiq
  simple_form
  sinatra
  slim
  terminal-notifier
  therubyracer
  tire
  tire-contrib
  turbolinks
  twitter-bootstrap-turbo!
  uglifier (>= 1.0.3)
  unicorn
  webmock
  yajl-ruby
  yard
